GEM
  remote: https://rubygems.org/
  specs:
    builder (3.2.2)
    cucumber (1.3.8)
      builder (>= 2.1.2)
      diff-lcs (>= 1.1.3)
      gherkin (~> 2.12.1)
      multi_json (>= 1.7.5, < 2.0)
      multi_test (>= 0.0.2)
    diff-lcs (1.2.4)
    gherkin (2.12.1-java)
      multi_json (~> 1.3)
    multi_json (1.8.0)
    multi_test (0.0.2)
    rspec-expectations (2.14.3)
      diff-lcs (>= 1.1.3, < 2.0)

PLATFORMS
  java

DEPENDENCIES
  cucumber
  rspec-expectations
